PATH
  remote: .
  specs:
    screw_server (0.1.10)
      bundler (~> 1.2)
      daemons (= 1.0.10)
      eventmachine (= 0.12.6)
      haml (= 3.0.13)
      json (= 1.6.5)
      rack (= 1.1.0)
      sinatra (= 1.0)
      thin (= 1.2.7)

GEM
  remote: http://rubygems.org/
  specs:
    coderay (1.0.6)
    daemons (1.0.10)
    diff-lcs (1.1.2)
    eventmachine (0.12.6)
    haml (3.0.13)
    json (1.6.5)
    method_source (0.7.1)
    pry (0.9.9.6)
      coderay (~> 1.0.5)
      method_source (~> 0.7.1)
      slop (>= 2.4.4, < 3)
    rack (1.1.0)
    rack-test (0.5.6)
      rack (>= 1.0)
    rspec (2.6.0)
      rspec-core (~> 2.6.0)
      rspec-expectations (~> 2.6.0)
      rspec-mocks (~> 2.6.0)
    rspec-core (2.6.4)
    rspec-expectations (2.6.0)
      diff-lcs (~> 1.1.2)
    rspec-mocks (2.6.0)
    sinatra (1.0)
      rack (>= 1.0)
    slop (2.4.4)
    thin (1.2.7)
      daemons (>= 1.0.9)
      eventmachine (>= 0.12.6)
      rack (>= 1.0.0)

PLATFORMS
  ruby

DEPENDENCIES
  pry
  rack-test (>= 0.5.4)
  rspec (>= 2.6.0)
  screw_server!
