PATH
  remote: .
  specs:
    screw_server (0.1.4)
      bundler (= 1.0.21)
      daemons (= 1.0.10)
      eventmachine (= 0.12.6)
      haml (= 3.0.13)
      json (= 1.4.3)
      rack (= 1.1.0)
      sinatra (= 1.0)
      thin (= 1.2.7)

GEM
  remote: http://rubygems.org/
  specs:
    daemons (1.0.10)
    diff-lcs (1.1.2)
    eventmachine (0.12.6)
    haml (3.0.13)
    json (1.4.3)
    rack (1.1.0)
    rack-test (0.5.6)
      rack (>= 1.0)
    rspec (2.2.0)
      rspec-core (~> 2.2)
      rspec-expectations (~> 2.2)
      rspec-mocks (~> 2.2)
    rspec-core (2.2.1)
    rspec-expectations (2.2.0)
      diff-lcs (~> 1.1.2)
    rspec-mocks (2.2.0)
    sinatra (1.0)
      rack (>= 1.0)
    thin (1.2.7)
      daemons (>= 1.0.9)
      eventmachine (>= 0.12.6)
      rack (>= 1.0.0)

PLATFORMS
  ruby

DEPENDENCIES
  rack-test (>= 0.5.4)
  rspec (>= 2.2.0)
  screw_server!
